GEM
  remote: https://rubygems.org/
  specs:
 

PLATFORMS
  ruby

DEPENDENCIES
  dashing

RUBY VERSION
   ruby  

 
