GEM
  remote: https://rubygems.org/
  specs:
    spring (2.0.2)
      activesupport (>= 4.2)

PLATFORMS
  ruby

DEPENDENCIES
  spring

RUBY VERSION
   ruby 2.4.4p296

BUNDLED WITH
   1.17.3
