GEM
  remote: https://rubygems.org/
  specs:
    daemons (1.1.9)
    dotenv (0.10.0)
    eventmachine (1.0.3)
    json (1.8.1)
    rack (1.5.2)
    coffee-script (~> 2.2.0)
    execjs (~> 2.0.2)
    rufus-scheduler (~> 2.0.24)
    sass (~> 3.2.12)
    sinatra-contrib (~> 1.4.2)
    sprockets (~> 2.10.1)
    thor (~> 0.18.1)
    rack-protection (1.5.2)
      rack
    sinatra (1.4.4)
      rack (~> 1.4)
      rack-protection (~> 1.4)
      tilt (~> 1.3, >= 1.3.4)
    thin (1.6.2)
      daemons (>= 1.0.9)
      eventmachine (>= 1.0.0)
      rack (>= 1.0.0)
    tilt (1.4.1)
    dashing (1.3.4)
      rack  
      rufus-scheduler 
      sass  
      sinatra 
      sinatra-contrib  
      sprockets  
      thin  
      thor  

PLATFORMS
  ruby (~> 2.6.5)

DEPENDENCIES
  json
  sinatra
  thin
  dashing
  eventmachine
